GEM
  remote: https://rubygems.org/
  specs:
    bson (2.3.0)
    daemons (1.2.3)
    eventmachine (1.0.6)
    ffi (1.9.6)
    json (1.8.2)
    mini_portile (0.6.2)
    nokogiri (1.6.6.2)
      mini_portile (~> 0.6.0)
    oj (2.14.0)
    rack (1.6.4)
    thin (1.6.3)
      daemons (~> 1.0, >= 1.0.9)
      eventmachine (~> 1.0)
      rack (~> 1.0)

PLATFORMS
  ruby

DEPENDENCIES
  bson (= 2.3.0)
  eventmachine (= 1.0.6)
  ffi (= 1.9.6)
  json (= 1.8.2)
  nokogiri (= 1.6.6.2)
  oj (= 2.14.0)
  thin (= 1.6.3)
