GEM
  remote: https://rubygems.org/
  specs:
    bcrypt (3.1.10)

PLATFORMS
  ruby
  x86-mingw32

DEPENDENCIES
  bcrypt (= 3.1.10)
