GEM
  remote: https://rubygems.org/
  specs:
    libv8 (3.16.14.7)

PLATFORMS
  ruby

DEPENDENCIES
  libv8 (= 3.16.14.7)
