GEM
  remote: https://rubygems.org/
  specs:
    oj (2.14.0)
    unf_ext (0.0.7.1)

PLATFORMS
  ruby

DEPENDENCIES
  oj (= 2.14.0)
  unf_ext (= 0.0.7.1)
