GEM
  remote: https://rubygems.org/
  specs:
    bcrypt (3.1.10)
    bson (4.1.1)
    curses (1.0.1)
    daemons (1.2.4)
    eventmachine (1.2.0.1)
    fast-stemmer (1.0.2)
    ffi (1.9.14)
    hitimes (1.2.2)
    hitimes (1.2.2-x86-mingw32)
    json (1.8.2)
    kgio (2.9.3)
    mini_portile2 (2.1.0)
    mysql2 (0.3.18)
    mysql2 (0.3.18-x86-mingw32)
    nokogiri (1.6.8)
      mini_portile2 (~> 2.1.0)
      pkg-config (~> 1.1.7)
    oj (2.17.4)
    pg (0.18.2)
    pg (0.18.2-x86-mingw32)
    pkg-config (1.1.7)
    puma (2.11.2)
      rack (>= 1.1, < 2.0)
    rack (1.6.4)
    raindrops (0.13.0)
    redcarpet (3.2.3)
    snappy (0.0.11)
    thin (1.7.0)
      daemons (~> 1.0, >= 1.0.9)
      eventmachine (~> 1.0, >= 1.0.4)
      rack (>= 1, < 3)
    unf_ext (0.0.7.2)
    unicorn (4.9.0)
      kgio (~> 2.6)
      rack
      raindrops (~> 0.7)

PLATFORMS
  ruby
  x86-mingw32

DEPENDENCIES
  bcrypt (= 3.1.10)
  bson (= 4.1.1)
  curses
  eventmachine (= 1.2.0.1)
  fast-stemmer
  ffi (= 1.9.14)
  hitimes
  json (= 1.8.2)
  kgio
  mysql2
  nokogiri (= 1.6.8)
  oj (= 2.17.4)
  pg
  puma
  raindrops
  redcarpet
  snappy
  thin (= 1.7.0)
  unf_ext (= 0.0.7.2)
  unicorn

BUNDLED WITH
   1.14.3
